PATH
  remote: .
  specs:
    open_nlp (0.2.0-java)

GEM
  remote: https://rubygems.org/
  specs:
    ast (2.2.0)
    diff-lcs (1.2.5)
    parser (2.3.0.7)
      ast (~> 2.2)
    powerpack (0.1.1)
    rainbow (2.1.0)
    rspec (3.4.0)
      rspec-core (~> 3.4.0)
      rspec-expectations (~> 3.4.0)
      rspec-mocks (~> 3.4.0)
    rspec-core (3.4.4)
      rspec-support (~> 3.4.0)
    rspec-expectations (3.4.0)
      diff-lcs (>= 1.2.0, < 2.0)
      rspec-support (~> 3.4.0)
    rspec-mocks (3.4.1)
      diff-lcs (>= 1.2.0, < 2.0)
      rspec-support (~> 3.4.0)
    rspec-support (3.4.1)
    rubocop (0.39.0)
      parser (>= 2.3.0.7, < 3.0)
      powerpack (~> 0.1)
      rainbow (>= 1.99.1, < 3.0)
      ruby-progressbar (~> 1.7)
      unicode-display_width (~> 1.0, >= 1.0.1)
    ruby-progressbar (1.7.5)
    unicode-display_width (1.0.3)

PLATFORMS
  java

DEPENDENCIES
  open_nlp!
  rspec
  rubocop

BUNDLED WITH
   1.11.2
